GEM
  remote: http://rubygems.org/
  specs:
    activesupport (3.0.10)
    async-rack (0.5.1)
      rack (~> 1.1)
    cramp (0.15.1)
      activesupport (~> 3.0.9)
      eventmachine (~> 1.0.0.beta.3)
      rack (~> 1.3.2)
      thor (~> 0.14.6)
    eventmachine (1.0.0.beta.3)
    http_router (0.10.2)
      rack (>= 1.0.0)
      url_mount (~> 0.2.1)
    kgio (2.6.0)
    rack (1.3.2)
    rainbows (4.2.0)
      kgio (~> 2.5)
      rack (~> 1.1)
      unicorn (~> 4.0)
    raindrops (0.7.0)
    thor (0.14.6)
    unicorn (4.0.1)
      kgio (~> 2.4)
      rack
      raindrops (~> 0.6)
    url_mount (0.2.1)
      rack
    yajl-ruby (0.8.2)

PLATFORMS
  ruby

DEPENDENCIES
  async-rack
  cramp
  http_router
  rainbows
  yajl-ruby
